GEM
  remote: http://rubygems.org/
  specs:
    coderay (0.8.357)
    columnize (0.3.6)
    curb (0.8.0)
    linecache (0.46)
      rbx-require-relative (> 0.0.4)
    mustache (0.11.2)
    rack (1.2.1)
    rbx-require-relative (0.0.5)
    ruby-debug (0.10.4)
      columnize (>= 0.1)
      ruby-debug-base (~> 0.10.4.0)
    ruby-debug-base (0.10.4)
      linecache (>= 0.3)
    shotgun (0.8)
      rack (>= 1.0)
    sinatra (1.1.0)
      rack (~> 1.1)
      tilt (~> 1.1)
    tilt (1.1)
    yajl-ruby (1.1.0)

PLATFORMS
  ruby

DEPENDENCIES
  coderay (~> 0.8.357)
  curb (~> 0.8.0)
  mustache (~> 0.11.2)
  ruby-debug
  shotgun
  sinatra (~> 1.0)
  yajl-ruby (~> 1.1.0)
